GEM
  remote: https://rubygems.org/
  specs:

PLATFORMS
  java
  ruby
  x64-mingw32
  x86-mingw32
  x86-mswin32

DEPENDENCIES

BUNDLED WITH
   2.1.4
